PATH
  remote: .
  specs:
    synapse (0.11.1)
      docker-api (~> 1.7.2)

GEM
  remote: https://rubygems.org/
  specs:
    archive-tar-minitar (0.5.2)
    docker-api (1.7.6)
      archive-tar-minitar
      excon (>= 0.28)
      json
    excon (0.45.4)
    json (1.8.3)

PLATFORMS
  ruby

DEPENDENCIES
  synapse!

BUNDLED WITH
   1.10.6
